GEM
  remote: https://rubygems.org/
  specs:
    crass (1.0.6)
    haid (0.1.3)
    nokogiri (1.13.9-x64-mingw-ucrt)
      racc (~> 1.4)
    nokogiri (1.13.9-x86_64-linux)
      racc (~> 1.4)
    os (1.1.4)
    racc (1.6.0)
    sanitize (6.0.0)
      crass (~> 1.0.2)
      nokogiri (>= 1.12.0)

PLATFORMS
  x64-mingw-ucrt
  x86_64-linux

DEPENDENCIES
  haid (~> 0.1.3)
  os (~> 1.1.4)
  sanitize (~> 6.0.0)

BUNDLED WITH
   2.3.7
