GEM
  remote: https://rubygems.org/
  specs:
    42_gem (0.1.0)

PLATFORMS
  x64-mingw-ucrt

DEPENDENCIES
  42_gem

BUNDLED WITH
   2.3.7
